GEM
  remote: https://rubygems.org/
  specs:
    bootstrap-sass (2.3.2.1)
      sass (~> 3.2)
    chunky_png (1.2.8)
    compass (0.12.2)
      chunky_png (~> 1.2)
      fssm (>= 0.2.7)
      sass (~> 3.1)
    compass-rails (1.0.3)
      compass (>= 0.12.2, < 0.14)
    fssm (0.2.10)
    sass (3.2.10)

PLATFORMS
  ruby

DEPENDENCIES
  bootstrap-sass
  compass-rails

RUBY VERSION
   ruby 2.4.2p198

BUNDLED WITH
   1.15.4
